PATH
  remote: .
  specs:
    rbtrace (0.4.3)
      ffi (>= 1.0.6)
      msgpack (>= 0.4.3)
      trollop (>= 1.16.2)

GEM
  remote: https://rubygems.org/
  specs:
    ffi (1.9.24)
    msgpack (0.5.7)
    trollop (2.0)

PLATFORMS
  ruby

DEPENDENCIES
  rbtrace!
